GEM
  remote: https://rubygems.org/
  specs:
    rake (13.0.1)

PLATFORMS
  ruby

DEPENDENCIES
  rake (~> 13.0.0)

BUNDLED WITH
   2.1.4
